GEM
  remote: http://rubygems.org/
  specs:
    awesome_print (1.0.2)
    aws-sdk (1.3.5)
      httparty (~> 0.7)
      json (~> 1.4)
      nokogiri (>= 1.4.4)
      uuidtools (~> 2.1)
    bouncy-castle-java (1.5.0146.1)
    bson (1.5.2)
    bson (1.5.2-java)
    bunny (0.7.9)
    cabin (0.3.8)
      json
    childprocess (0.3.1)
      ffi (~> 1.0.6)
    choice (0.1.4)
    ffi (1.0.11)
    ffi (1.0.11-java)
    ffi-rzmq (0.9.0)
    filewatch (0.3.3)
    gelf (1.3.2)
      json
    gelfd (0.2.0)
    gmetric (0.1.3)
    haml (3.1.4)
    httparty (0.8.1)
      multi_json
      multi_xml
    jls-grok (0.10.5)
      cabin (~> 0.3.0)
    jruby-elasticsearch (0.0.11)
    jruby-openssl (0.7.5)
      bouncy-castle-java (>= 1.5.0146.1)
    json (1.6.5)
    json (1.6.5-java)
    metaclass (0.0.1)
    minitest (2.11.1)
    mizuno (0.5.0)
      childprocess (>= 0.2.6)
      choice (>= 0.1.0)
      ffi (>= 1.0.0)
      rack (>= 1.0.0)
    mocha (0.10.4)
      metaclass (~> 0.0.1)
    mongo (1.5.2)
      bson (= 1.5.2)
    multi_json (1.1.0)
    multi_xml (0.4.1)
    nokogiri (1.5.0)
    nokogiri (1.5.0-java)
    rack (1.4.1)
    rack-protection (1.2.0)
      rack
    redis (2.2.2)
    sass (3.1.14)
    shoulda (2.11.3)
    sinatra (1.3.2)
      rack (~> 1.3, >= 1.3.6)
      rack-protection (~> 1.2)
      tilt (~> 1.3, >= 1.3.3)
    statsd-ruby (0.3.0)
    stomp (1.2.0)
    tilt (1.3.3)
    uuidtools (2.1.2)
    xmpp4r (0.5)

PLATFORMS
  java
  ruby

DEPENDENCIES
  awesome_print
  aws-sdk
  bunny
  cabin (= 0.3.8)
  ffi
  ffi-rzmq (= 0.9.0)
  filewatch (= 0.3.3)
  gelf
  gelfd (= 0.2.0)
  gmetric (= 0.1.3)
  haml
  jls-grok (= 0.10.5)
  jruby-elasticsearch (= 0.0.11)
  jruby-openssl
  json
  minitest
  mizuno
  mocha
  mongo
  rack
  redis
  sass
  shoulda
  sinatra
  statsd-ruby (= 0.3.0)
  stomp
  uuidtools
  xmpp4r (= 0.5)
