GEM
  remote: http://rubygems.org/
  specs:
    awesome_print (0.4.0)
    bouncy-castle-java (1.5.0146.1)
    bson (1.4.0)
    bson (1.4.0-java)
    bunny (0.7.8)
    cabin (0.1.7)
      json
    childprocess (0.3.0)
      ffi (~> 1.0.6)
    choice (0.1.4)
    ffi (1.0.11)
    ffi (1.0.11-java)
    ffi-rzmq (0.9.0)
    filewatch (0.3.2)
    gelf (1.1.3)
      json
    gelfd (0.2.0)
    gmetric (0.1.3)
    haml (3.1.3)
    jls-grok (0.9.6)
      cabin (= 0.1.7)
    jruby-elasticsearch (0.0.11)
    jruby-openssl (0.7.5)
      bouncy-castle-java (>= 1.5.0146.1)
    json (1.6.3)
    json (1.6.3-java)
    minitest (2.6.1)
    mizuno (0.5.0)
      childprocess (>= 0.2.6)
      choice (>= 0.1.0)
      ffi (>= 1.0.0)
      rack (>= 1.0.0)
    mongo (1.4.0)
      bson (= 1.4.0)
    rack (1.3.4)
    rack-protection (1.1.4)
      rack
    redis (2.2.2)
    sass (3.1.10)
    sinatra (1.3.1)
      rack (~> 1.3, >= 1.3.4)
      rack-protection (~> 1.1, >= 1.1.2)
      tilt (~> 1.3, >= 1.3.3)
    statsd-ruby (0.3.0)
    stomp (1.1.9)
    tilt (1.3.3)
    uuidtools (2.1.2)
    xmpp4r (0.5)

PLATFORMS
  java
  ruby

DEPENDENCIES
  awesome_print
  bunny
  cabin (= 0.1.7)
  ffi
  ffi-rzmq (= 0.9.0)
  filewatch (= 0.3.2)
  gelf
  gelfd (= 0.2.0)
  gmetric (= 0.1.3)
  haml
  jls-grok (= 0.9.6)
  jruby-elasticsearch (= 0.0.11)
  jruby-openssl
  json
  minitest
  mizuno
  mongo
  rack
  redis
  sass
  sinatra
  statsd-ruby (= 0.3.0)
  stomp
  uuidtools
  xmpp4r (= 0.5)
