GEM
  remote: http://rubygems.org/
  specs:
    awesome_print (0.4.0)
    bouncy-castle-java (1.5.0146.1)
    bson (1.4.0)
    bson (1.4.0-java)
    bunny (0.7.8)
    cabin (0.1.3)
      json
    columnize (0.3.4)
    ffi-rzmq (0.8.2)
    filewatch (0.3.0)
    gelf (1.1.3)
      json
    gelfd (0.1.0)
    gmetric (0.1.3)
    haml (3.1.3)
    jls-grok (0.9.1)
    jruby-elasticsearch (0.0.12)
    jruby-openssl (0.7.4)
      bouncy-castle-java
    json (1.6.1)
    json (1.6.1-java)
    linecache (0.46)
      rbx-require-relative (> 0.0.4)
    metaclass (0.0.1)
    minitest (2.6.1)
    mizuno (0.4.0)
      rack (>= 1.0.0)
    mocha (0.10.0)
      metaclass (~> 0.0.1)
    mongo (1.4.0)
      bson (= 1.4.0)
    rack (1.3.4)
    rack-protection (1.1.4)
      rack
    rake (0.9.2)
    rbx-require-relative (0.0.5)
    redis (2.2.2)
    ruby-debug (0.10.4)
      columnize (>= 0.1)
      ruby-debug-base (~> 0.10.4.0)
    ruby-debug-base (0.10.4)
      linecache (>= 0.3)
    ruby-debug-base (0.10.4-java)
    sass (3.1.10)
    sinatra (1.3.1)
      rack (~> 1.3, >= 1.3.4)
      rack-protection (~> 1.1, >= 1.1.2)
      tilt (~> 1.3, >= 1.3.3)
    statsd-ruby (0.3.0)
    stomp (1.1.9)
    tilt (1.3.3)
    uuidtools (2.1.2)
    xmpp4r (0.5)

PLATFORMS
  java
  ruby

DEPENDENCIES
  awesome_print
  bunny
  cabin (= 0.1.3)
  ffi-rzmq
  filewatch (~> 0.3.0)
  gelf
  gelfd (~> 0.1.0)
  gmetric (~> 0.1.3)
  haml
  jls-grok (= 0.9.0)
  jruby-elasticsearch (~> 0.0.11)
  jruby-openssl
  json
  minitest
  mizuno
  mocha
  mongo
  rack
  rake
  redis
  ruby-debug
  sass
  sinatra
  statsd-ruby (~> 0.3.0)
  stomp
  uuidtools
  xmpp4r (~> 0.5)
