GEM
  remote: http://rubygems.org/
  specs:
    addressable (2.2.6)
    aws-sdk (1.5.2)
      httparty (~> 0.7)
      json (~> 1.4)
      nokogiri (>= 1.4.4)
      uuidtools (~> 2.1)
    backports (2.3.0)
    beefcake (0.3.7)
    bouncy-castle-java (1.5.0146.1)
    bson (1.6.2-java)
    bunny (0.7.9)
    cabin (0.4.4)
      json
    excon (0.13.4)
    ffi (1.0.11-java)
    ffi-rzmq (0.9.0)
    filewatch (0.3.3)
    ftw (0.0.18)
      addressable (= 2.2.6)
      backports (= 2.3.0)
      cabin (> 0)
      http_parser.rb (= 0.5.3)
      json (= 1.6.5)
      minitest (> 0)
    gelf (1.3.2)
      json
    gelfd (0.2.0)
    gmetric (0.1.3)
    haml (3.1.6)
    heroku (2.26.2)
      heroku-api (~> 0.2.1)
      launchy (>= 0.3.2)
      netrc (~> 0.7.2)
      rest-client (~> 1.6.1)
      rubyzip
    heroku-api (0.2.1)
      excon (~> 0.13.3)
    http_parser.rb (0.5.3-java)
    httparty (0.8.3)
      multi_json (~> 1.0)
      multi_xml
    i18n (0.6.0)
    jls-grok (0.10.6)
      cabin (~> 0.4.0)
    jruby-elasticsearch (0.0.13)
    jruby-openssl (0.7.7)
      bouncy-castle-java (>= 1.5.0146.1)
    jruby-win32ole (0.8.5)
    json (1.6.5-java)
    launchy (2.1.0-java)
      addressable (~> 2.2.6)
      ffi (~> 1.0.9)
      spoon (~> 0.0.1)
    mail (2.4.4)
      i18n (>= 0.4.0)
      mime-types (~> 1.16)
      treetop (~> 1.4.8)
    metaclass (0.0.1)
    mime-types (1.18)
    minitest (3.0.1)
    mocha (0.11.4)
      metaclass (~> 0.0.1)
    mongo (1.6.2)
      bson (~> 1.6.2)
    mtrc (0.0.4)
    multi_json (1.3.6)
    multi_xml (0.5.1)
    netrc (0.7.2)
    nokogiri (1.5.2-java)
    onstomp (1.0.6)
    polyglot (0.3.3)
    rack (1.4.1)
    rack-protection (1.2.0)
      rack
    redis (3.0.0)
    rest-client (1.6.7)
      mime-types (>= 1.16)
    riemann-client (0.0.6)
      beefcake (>= 0.3.5)
      mtrc (>= 0.0.4)
      trollop (>= 1.16.2)
    rubyzip (0.9.8)
    sass (3.1.19)
    shoulda (3.0.1)
      shoulda-context (~> 1.0.0)
      shoulda-matchers (~> 1.0.0)
    shoulda-context (1.0.0)
    shoulda-matchers (1.0.0)
    sinatra (1.3.2)
      rack (~> 1.3, >= 1.3.6)
      rack-protection (~> 1.2)
      tilt (~> 1.3, >= 1.3.3)
    spoon (0.0.1)
    statsd-ruby (0.3.0)
    tilt (1.3.3)
    treetop (1.4.10)
      polyglot
      polyglot (>= 0.3.1)
    trollop (1.16.2)
    uuidtools (2.1.2)
    xmpp4r (0.5)

PLATFORMS
  java

DEPENDENCIES
  aws-sdk
  bunny
  cabin (= 0.4.4)
  ffi
  ffi-rzmq (= 0.9.0)
  filewatch (= 0.3.3)
  ftw (~> 0.0.13)
  gelf (= 1.3.2)
  gelfd (= 0.2.0)
  gmetric (= 0.1.3)
  haml
  heroku
  jls-grok (= 0.10.6)
  jruby-elasticsearch (= 0.0.13)
  jruby-openssl
  jruby-win32ole
  json
  mail
  minitest
  mocha
  mongo
  onstomp
  rack
  redis
  riemann-client (= 0.0.6)
  sass
  shoulda
  sinatra
  statsd-ruby (= 0.3.0)
  uuidtools
  xmpp4r (= 0.5)
