GEM
  remote: http://rubygems.org/
  specs:
    addressable (2.2.6)
    backports (2.3.0)
    beefcake (0.3.7)
    bouncy-castle-java (1.5.0146.1)
    bson (1.6.1)
    bson (1.6.1-java)
    bunny (0.7.9)
    cabin (0.4.1)
      json
    ffi (1.0.11)
    ffi (1.0.11-java)
    ffi-rzmq (0.9.0)
    filewatch (0.3.3)
    ftw (0.0.11)
      addressable (= 2.2.6)
      backports (= 2.3.0)
      cabin (> 0)
      http_parser.rb (= 0.5.3)
      json (= 1.6.5)
      minitest (> 0)
    gelf (1.3.2)
      json
    gelfd (0.2.0)
    gmetric (0.1.3)
    haml (3.1.4)
    heroku (2.22.0)
      launchy (>= 0.3.2)
      netrc (~> 0.7.1)
      rest-client (~> 1.6.1)
      rubyzip
    http_parser.rb (0.5.3)
    http_parser.rb (0.5.3-java)
    jls-grok (0.10.6)
      cabin (~> 0.4.0)
    jruby-elasticsearch (0.0.11)
    jruby-openssl (0.7.6.1)
      bouncy-castle-java (>= 1.5.0146.1)
    json (1.6.5)
    json (1.6.5-java)
    launchy (2.1.0)
      addressable (~> 2.2.6)
    launchy (2.1.0-java)
      addressable (~> 2.2.6)
      ffi (~> 1.0.9)
      spoon (~> 0.0.1)
    mime-types (1.18)
    minitest (2.11.4)
    mongo (1.6.1)
      bson (~> 1.6.1)
    mtrc (0.0.4)
    netrc (0.7.1)
    onstomp (1.0.6)
    rack (1.4.1)
    rack-protection (1.2.0)
      rack
    redis (2.2.2)
    rest-client (1.6.7)
      mime-types (>= 1.16)
    riemann-client (0.0.6)
      beefcake (>= 0.3.5)
      mtrc (>= 0.0.4)
      trollop (>= 1.16.2)
    rubyzip (0.9.6.1)
    sass (3.1.15)
    sinatra (1.3.2)
      rack (~> 1.3, >= 1.3.6)
      rack-protection (~> 1.2)
      tilt (~> 1.3, >= 1.3.3)
    spoon (0.0.1)
    statsd-ruby (0.3.0)
    tilt (1.3.3)
    trollop (1.16.2)
    uuidtools (2.1.2)
    xmpp4r (0.5)

PLATFORMS
  java
  ruby

DEPENDENCIES
  bunny
  cabin (= 0.4.1)
  ffi
  ffi-rzmq (= 0.9.0)
  filewatch (= 0.3.3)
  ftw (~> 0.0.11)
  gelf
  gelfd (= 0.2.0)
  gmetric (= 0.1.3)
  haml
  heroku
  jls-grok (= 0.10.6)
  jruby-elasticsearch (= 0.0.11)
  jruby-openssl
  json
  minitest
  mongo
  onstomp
  rack
  redis
  riemann-client (= 0.0.6)
  sass
  sinatra
  statsd-ruby (= 0.3.0)
  uuidtools
  xmpp4r (= 0.5)
