PATH
  remote: .
  specs:
    logstash (1.1.1.rc3-java)
      aws-sdk
      bunny
      cabin (= 0.4.4)
      cinch
      ffi
      ffi-rzmq (= 0.9.3)
      filewatch (= 0.3.3)
      ftw (~> 0.0.19)
      gelf (= 1.3.2)
      gelfd (= 0.2.0)
      gmetric (= 0.1.3)
      haml
      heroku
      jls-grok (= 0.10.7)
      jruby-elasticsearch (= 0.0.14)
      jruby-httpclient
      jruby-openssl
      jruby-win32ole
      json
      mail
      minitest
      mongo
      onstomp
      pry
      rack
      redis
      riak-client (= 1.0.3)
      riemann-client (= 0.0.6)
      sass
      sinatra
      statsd-ruby (= 0.3.0)
      uuidtools
      xml-simple
      xmpp4r (= 0.5)

GEM
  remote: http://rubygems.org/
  specs:
    addressable (2.2.6)
    aws-sdk (1.5.6)
      httparty (~> 0.7)
      json (~> 1.4)
      nokogiri (>= 1.4.4)
      uuidtools (~> 2.1)
    backports (2.3.0)
    beefcake (0.3.7)
    bouncy-castle-java (1.5.0146.1)
    bson (1.6.4-java)
    builder (3.0.0)
    bunny (0.8.0)
    cabin (0.4.4)
      json
    cinch (2.0.3)
    coderay (1.0.7)
    excon (0.14.3)
    ffi (1.0.11-java)
    ffi-rzmq (0.9.3)
      ffi
    filewatch (0.3.3)
    ftw (0.0.19)
      addressable (= 2.2.6)
      backports (= 2.3.0)
      cabin (> 0)
      http_parser.rb (= 0.5.3)
      json (= 1.6.5)
      minitest (> 0)
    gelf (1.3.2)
      json
    gelfd (0.2.0)
    gmetric (0.1.3)
    haml (3.1.6)
    heroku (2.28.12)
      heroku-api (~> 0.2.8)
      launchy (>= 0.3.2)
      netrc (~> 0.7.5)
      rest-client (~> 1.6.1)
      rubyzip
    heroku-api (0.2.8)
      excon (~> 0.14.3)
    http_parser.rb (0.5.3-java)
    httparty (0.8.3)
      multi_json (~> 1.0)
      multi_xml
    i18n (0.6.0)
    jls-grok (0.10.7)
      cabin (~> 0.4.0)
    jruby-elasticsearch (0.0.14)
    jruby-httpclient (1.1.0-java)
    jruby-openssl (0.7.7)
      bouncy-castle-java (>= 1.5.0146.1)
    jruby-win32ole (0.8.5)
    json (1.6.5-java)
    launchy (2.1.0-java)
      addressable (~> 2.2.6)
      ffi (~> 1.0.9)
      spoon (~> 0.0.1)
    mail (2.4.4)
      i18n (>= 0.4.0)
      mime-types (~> 1.16)
      treetop (~> 1.4.8)
    metaclass (0.0.1)
    method_source (0.7.1)
    mime-types (1.19)
    minitest (3.2.0)
    mocha (0.11.4)
      metaclass (~> 0.0.1)
    mongo (1.6.4)
      bson (~> 1.6.4)
    mtrc (0.0.4)
    multi_json (1.3.6)
    multi_xml (0.5.1)
    netrc (0.7.5)
    nokogiri (1.5.5-java)
    onstomp (1.0.7)
    polyglot (0.3.3)
    pry (0.9.9.6-java)
      coderay (~> 1.0.5)
      method_source (~> 0.7.1)
      slop (>= 2.4.4, < 3)
      spoon (~> 0.0)
    rack (1.4.1)
    rack-protection (1.2.0)
      rack
    redis (3.0.1)
    rest-client (1.6.7)
      mime-types (>= 1.16)
    riak-client (1.0.3)
      beefcake (~> 0.3.7)
      builder (>= 2.1.2)
      i18n (>= 0.4.0)
      multi_json (~> 1.0)
    riemann-client (0.0.6)
      beefcake (>= 0.3.5)
      mtrc (>= 0.0.4)
      trollop (>= 1.16.2)
    rubyzip (0.9.9)
    sass (3.1.20)
    shoulda (3.0.1)
      shoulda-context (~> 1.0.0)
      shoulda-matchers (~> 1.0.0)
    shoulda-context (1.0.0)
    shoulda-matchers (1.0.0)
    sinatra (1.3.2)
      rack (~> 1.3, >= 1.3.6)
      rack-protection (~> 1.2)
      tilt (~> 1.3, >= 1.3.3)
    slop (2.4.4)
    spoon (0.0.1)
    statsd-ruby (0.3.0)
    tilt (1.3.3)
    treetop (1.4.10)
      polyglot
      polyglot (>= 0.3.1)
    trollop (1.16.2)
    uuidtools (2.1.2)
    xml-simple (1.1.1)
    xmpp4r (0.5)

PLATFORMS
  java
  ruby

DEPENDENCIES
  cinch
  excon
  jruby-elasticsearch (= 0.0.14)
  jruby-httpclient
  jruby-win32ole
  logstash!
  mocha
  shoulda
